GEM
  remote: https://rubygems.org/
  specs:
    faker (1.0.1)
      i18n (~> 0.4)
    i18n (0.6.1)
    listen (0.7.1)
    rack (1.4.2)
    rack-protection (1.3.2)
      rack
    rb-fsevent (0.9.3)
    rerun (0.7.1)
      listen
    sinatra (1.3.3)
      rack (~> 1.3, >= 1.3.6)
      rack-protection (~> 1.2)
      tilt (~> 1.3, >= 1.3.3)
    tilt (1.3.3)

PLATFORMS
  ruby

DEPENDENCIES
  faker
  rb-fsevent
  rerun
  sinatra
